GIT
  remote: https://github.com/fugroup/minimongo
  revision: 14a932b8d19bffb009398d74f271075104c78538
  branch: master
  specs:
    minimongo (0.0.1)
      bson_ext (~> 0)
      mongo (~> 2.2)

GEM
  remote: https://rubygems.org/
  specs:
    bson (4.2.1)
    bson_ext (0.20.1)
    ffi (1.9.14)
    futest (0.0.2)
    listen (3.1.5)
      rb-fsevent (~> 0.9, >= 0.9.4)
      rb-inotify (~> 0.9, >= 0.9.7)
      ruby_dep (~> 1.2)
    mongo (2.4.1)
      bson (>= 4.2.1, < 5.0.0)
    puma (3.6.2)
    rb-fsevent (0.9.8)
    rb-inotify (0.9.7)
      ffi (>= 0.5.0)
    rerun (0.11.0)
      listen (~> 3.0)
    ruby_dep (1.5.0)
    terminal-notifier (1.7.1)

PLATFORMS
  ruby

DEPENDENCIES
  bson_ext
  futest
  minimongo!
  mongo (~> 2.2)
  puma
  rb-fsevent
  rerun
  terminal-notifier

BUNDLED WITH
   1.12.5
